PATH
  remote: .
  specs:
    motion-swifty (0.1.0)

GEM
  remote: https://rubygems.org/
  specs:
    bacon (1.2.0)
    rake (12.0.0)

PLATFORMS
  ruby

DEPENDENCIES
  bacon
  motion-swifty!
  rake

BUNDLED WITH
   1.13.6
